GEM
  remote: https://rubygems.org/
  specs:
    asin (2.0.1)
      confiture (>= 0.1)
      crack (>= 0.3)
      hashie (>= 1.1)
      httpi (>= 0.9)
      rash (>= 0.4)
    coderay (1.1.0)
    confiture (0.1.4)
    crack (0.4.3)
      safe_yaml (~> 1.0.0)
    curb (0.9.0)
    hashie (2.0.5)
    httpi (2.4.1)
      rack
    method_source (0.8.2)
    mini_portile2 (2.0.0)
    nokogiri (1.6.7.1)
      mini_portile2 (~> 2.0.0.rc2)
    pry (0.10.1)
      coderay (~> 1.1.0)
      method_source (~> 0.8.1)
      slop (~> 3.4)
    rack (1.6.4)
    rash (0.4.0)
      hashie (~> 2.0.0)
    ruby-progressbar (1.7.5)
    safe_yaml (1.0.4)
    slop (3.6.0)

PLATFORMS
  ruby

DEPENDENCIES
  asin
  curb
  nokogiri
  pry
  ruby-progressbar (~> 1.7, >= 1.7.5)

BUNDLED WITH
   1.10.6
